GEM
  remote: https://rubygems.org/
  specs:
    dotenv (3.1.8)
    faraday (2.14.0)
      faraday-net_http (>= 2.0, < 3.5)
      json
      logger
    faraday-net_http (3.4.1)
      net-http (>= 0.5.0)
    json (2.15.0)
    logger (1.7.0)
    net-http (0.6.0)
      uri
    uri (1.0.3)

PLATFORMS
  arm64-darwin-24

DEPENDENCIES
  dotenv (~> 3.1)
  faraday (~> 2.14)

BUNDLED WITH
   2.4.1
